GEM
  remote: https://rubygems.org/
  specs:
    zeitwerk (2.2.1)

PLATFORMS
  ruby

DEPENDENCIES
  zeitwerk

BUNDLED WITH
   2.0.2
